GEM
  remote: http://rubygems.org/
  specs:
    PageRankr (4.2.0)
      httparty (>= 0.9.0)
      json (>= 1.4.6)
      jsonpath (>= 0.4.2)
      nokogiri (>= 1.4.1)
      public_suffix (>= 0.9.0)
    addressable (2.3.6)
    alexa (0.6.3)
      faraday (~> 0.8)
      multi_xml (>= 0.5.0)
    anemone (0.7.2)
      nokogiri (>= 1.3.0)
      robotex (>= 1.0.0)
    bcrypt (3.1.7)
    bcrypt-ruby (3.1.5)
      bcrypt (>= 3.1.3)
    coderay (1.1.0)
    data_mapper (1.2.0)
      dm-aggregates (~> 1.2.0)
      dm-constraints (~> 1.2.0)
      dm-core (~> 1.2.0)
      dm-migrations (~> 1.2.0)
      dm-serializer (~> 1.2.0)
      dm-timestamps (~> 1.2.0)
      dm-transactions (~> 1.2.0)
      dm-types (~> 1.2.0)
      dm-validations (~> 1.2.0)
    data_objects (0.10.14)
      addressable (~> 2.1)
    diff-lcs (1.2.5)
    dm-aggregates (1.2.0)
      dm-core (~> 1.2.0)
    dm-constraints (1.2.0)
      dm-core (~> 1.2.0)
    dm-core (1.2.1)
      addressable (~> 2.3)
    dm-do-adapter (1.2.0)
      data_objects (~> 0.10.6)
      dm-core (~> 1.2.0)
    dm-migrations (1.2.0)
      dm-core (~> 1.2.0)
    dm-serializer (1.2.2)
      dm-core (~> 1.2.0)
      fastercsv (~> 1.5)
      json (~> 1.6)
      json_pure (~> 1.6)
      multi_json (~> 1.0)
    dm-sqlite-adapter (1.2.0)
      dm-do-adapter (~> 1.2.0)
      do_sqlite3 (~> 0.10.6)
    dm-timestamps (1.2.0)
      dm-core (~> 1.2.0)
    dm-transactions (1.2.0)
      dm-core (~> 1.2.0)
    dm-types (1.2.2)
      bcrypt-ruby (~> 3.0)
      dm-core (~> 1.2.0)
      fastercsv (~> 1.5)
      json (~> 1.6)
      multi_json (~> 1.0)
      stringex (~> 1.4)
      uuidtools (~> 2.1)
    dm-validations (1.2.0)
      dm-core (~> 1.2.0)
    do_sqlite3 (0.10.14)
      data_objects (= 0.10.14)
    facets (2.9.3)
    faraday (0.8.9)
      multipart-post (~> 1.2.0)
    faraday_middleware (0.9.0)
      faraday (>= 0.7.4, < 0.9)
    fastercsv (1.5.5)
    hashie (1.2.0)
    httparty (0.13.0)
      json (~> 1.8)
      multi_xml (>= 0.5.2)
    json (1.8.1)
    json_pure (1.8.1)
    jsonpath (0.5.6)
      multi_json
    method_source (0.8.2)
    mini_portile (0.5.3)
    multi_json (1.9.2)
    multi_xml (0.5.5)
    multipart-post (1.2.0)
    nokogiri (1.6.1)
      mini_portile (~> 0.5.0)
    parallel (1.0.0)
    pry (0.9.12.6)
      coderay (~> 1.0)
      method_source (~> 0.8)
      slop (~> 3.4)
    public_suffix (1.4.2)
    rake (10.2.1)
    readability_parser (0.0.2)
      faraday (~> 0.8.4)
      faraday_middleware (~> 0.9.0)
      hashie (~> 1.2.0)
      multi_xml (~> 0.5.2)
    redis (3.0.7)
    retries (0.0.5)
    retry_block (1.2.0)
    rgl (0.4.0)
      rake
      stream (>= 0.5)
    robotex (1.0.0)
    rspec-core (2.14.8)
    rspec-expectations (2.14.5)
      diff-lcs (>= 1.1.3, < 2.0)
    rspec-mocks (2.14.6)
    searchbing (0.2.4)
    slop (3.5.0)
    stream (0.5)
    stringex (1.5.1)
    uhferret (1.3.3)
    uuidtools (2.1.4)

PLATFORMS
  ruby

DEPENDENCIES
  PageRankr
  alexa
  anemone
  data_mapper
  dm-sqlite-adapter
  facets
  httparty
  parallel
  pry
  readability_parser
  redis
  retries
  retry_block
  rgl
  rspec-core
  rspec-expectations
  rspec-mocks
  searchbing
  uhferret
