GIT
  remote: git://github.com/pricees/algoruby.git
  revision: 0a7fb5c7ddb41487563b2a397a55ac6cfa1a17e1
  specs:
    algoruby (0.0.1)

GEM
  remote: http://rubygems.org/
  specs:
    anemone (0.7.2)
      nokogiri (>= 1.3.0)
      robotex (>= 1.0.0)
    coderay (1.1.0)
    diff-lcs (1.2.5)
    httparty (0.13.0)
      json (~> 1.8)
      multi_xml (>= 0.5.2)
    json (1.8.1)
    method_source (0.8.2)
    mini_portile (0.5.3)
    multi_xml (0.5.5)
    nokogiri (1.6.1)
      mini_portile (~> 0.5.0)
    pry (0.9.12.6)
      coderay (~> 1.0)
      method_source (~> 0.8)
      slop (~> 3.4)
    rake (10.2.1)
    redis (3.0.7)
    retries (0.0.5)
    retry_block (1.2.0)
    rgl (0.4.0)
      rake
      stream (>= 0.5)
    robotex (1.0.0)
    rspec-core (2.14.8)
    rspec-expectations (2.14.5)
      diff-lcs (>= 1.1.3, < 2.0)
    rspec-mocks (2.14.6)
    searchbing (0.2.4)
    slop (3.5.0)
    stream (0.5)

PLATFORMS
  ruby

DEPENDENCIES
  algoruby!
  anemone
  httparty
  pry
  redis
  retries
  retry_block
  rgl
  rspec-core
  rspec-expectations
  rspec-mocks
  searchbing
